GEM
  remote: https://rubygems.org/
  specs:
    ast (2.4.0)
    equatable (0.6.1)
    ffi (1.11.1)
    influxdb (0.7.0)
    inifile (3.0.0)
    jaro_winkler (1.5.3)
    lxp-packet (0.1.0)
    parallel (1.17.0)
    parser (2.6.3.0)
      ast (~> 2.4.0)
    pastel (0.7.3)
      equatable (~> 0.6)
      tty-color (~> 0.5)
    rack (3.0.7)
    rainbow (3.0.0)
    rb-inotify (0.10.0)
      ffi (~> 1.0)
    roda (3.23.0)
      rack
    rubocop (0.74.0)
      jaro_winkler (~> 1.5.1)
      parallel (~> 1.10)
      parser (>= 2.6)
      rainbow (>= 2.2.2, < 4.0)
      ruby-progressbar (~> 1.7)
      unicode-display_width (>= 1.4.0, < 1.7)
    ruby-progressbar (1.10.1)
    rubyserial (0.6.0)
      ffi (~> 1.9, >= 1.9.3)
    strings (0.1.6)
      strings-ansi (~> 0.1)
      unicode-display_width (~> 1.5)
      unicode_utils (~> 1.4)
    strings-ansi (0.1.0)
    tty-box (0.4.1)
      pastel (~> 0.7.2)
      strings (~> 0.1.6)
      tty-cursor (~> 0.7)
    tty-color (0.5.0)
    tty-cursor (0.7.0)
    unicode-display_width (1.6.0)
    unicode_utils (1.4.0)

PLATFORMS
  ruby

DEPENDENCIES
  influxdb
  inifile
  lxp-packet
  pastel
  rb-inotify
  roda
  rubocop
  rubyserial
  tty-box
  tty-cursor

BUNDLED WITH
   2.0.2
